GEM
  remote: http://rubygems.org/
  specs:
    activesupport (3.0.9)
    chunky_png (1.2.0)
    compass (0.11.3)
      chunky_png (~> 1.2)
      fssm (>= 0.2.7)
      sass (~> 3.1)
    compass-jquery-plugin (0.3.2.8)
      compass (>= 0.10.6)
      haml (>= 3.0.25)
      ri_cal (>= 0.8.7)
    fssm (0.2.7)
    haml (3.1.2)
    i18n (0.6.0)
    rack (1.3.0)
    ri_cal (0.8.8)
    sass (3.1.3)
    serve (1.1.1)
      activesupport (~> 3.0.7)
      i18n (~> 0.6.0)
      rack (~> 1.3.0)
      tilt (~> 1.3.1)
      tzinfo (~> 0.3.27)
    slim (0.9.4)
      temple (~> 0.3.0)
      tilt (~> 1.2)
    temple (0.3.2)
    tilt (1.3.2)
    tzinfo (0.3.28)

PLATFORMS
  ruby

DEPENDENCIES
  activesupport
  compass
  compass-jquery-plugin
  rack
  sass
  serve
  slim
